GEM
  remote: https://rubygems.org/
  specs:
    json (1.8.1)
    librarian-puppet (0.9.10)
      json
      thor (~> 0.15)
    thor (0.18.1)

PLATFORMS
  ruby

DEPENDENCIES
  librarian-puppet
